GEM
  remote: https://rubygems.org/
  specs:
    ZenTest (4.10.0)
    autotest-growl (0.2.16)
    diff-lcs (1.2.5)
    rspec (2.14.1)
      rspec-core (~> 2.14.0)
      rspec-expectations (~> 2.14.0)
      rspec-mocks (~> 2.14.0)
    rspec-core (2.14.8)
    rspec-expectations (2.14.5)
      diff-lcs (>= 1.1.3, < 2.0)
    rspec-mocks (2.14.6)

PLATFORMS
  ruby
  x86-mingw32

DEPENDENCIES
  ZenTest
  autotest-growl
  rspec
